PATH
  remote: .
  specs:
    quickie (0.1.0)

GEM
  remote: http://rubygems.org/
  specs:

PLATFORMS
  ruby

DEPENDENCIES
  quickie!
